PATH
  remote: .
  specs:
    em_rugged (0.1.0)
      eventmachine (~> 1.0)
      rugged (~> 0.17)

GEM
  remote: http://rubygems.org/
  specs:
    em-minitest-spec (1.1.1)
      eventmachine
    eventmachine (1.0.0)
    minitest (2.12.1)
    rake (0.9.2.2)
    rugged (0.17.0)

PLATFORMS
  ruby

DEPENDENCIES
  em-minitest-spec (~> 1.1)
  em_rugged!
  minitest (~> 2.0)
  rake (~> 0.9)
